GEM
  remote: https://rubygems.org/
  specs:
    language_server-protocol (3.17.0.3)
    logger (1.6.0)
    prism (0.30.0)
    rbs (3.5.1)
      logger
    ruby-lsp (0.17.3)
      language_server-protocol (~> 3.17.0)
      prism (>= 0.29.0, < 0.31)
      rbs (>= 3, < 4)
      sorbet-runtime (>= 0.5.10782)
    sorbet-runtime (0.5.11435)

PLATFORMS
  x64-mingw-ucrt

DEPENDENCIES
  ruby-lsp

RUBY VERSION
   ruby 3.3.3p89

BUNDLED WITH
   2.5.11
